GEM
  remote: https://rubygems.org/
  specs:
    activemodel (3.2.19)
      activesupport (= 3.2.19)
      builder (~> 3.0.0)
    activerecord (3.2.19)
      activemodel (= 3.2.19)
      activesupport (= 3.2.19)
      arel (~> 3.0.2)
      tzinfo (~> 0.3.29)
    activerecord-sqlserver-adapter (3.2.12)
      activerecord (~> 3.2.0)
    activesupport (3.2.19)
      i18n (~> 0.6, >= 0.6.4)
      multi_json (~> 1.0)
    arel (3.0.3)
    backports (3.6.0)
    builder (3.0.4)
    haml (4.0.5)
      tilt
    i18n (0.6.11)
    multi_json (1.10.1)
    rack (1.5.2)
    rack-flash3 (1.0.5)
      rack
    rack-protection (1.5.3)
      rack
    rack-test (0.6.2)
      rack (>= 1.0)
    sass (3.4.3)
    sinatra (1.4.5)
      rack (~> 1.4)
      rack-protection (~> 1.4)
      tilt (~> 1.3, >= 1.3.4)
    sinatra-contrib (1.4.2)
      backports (>= 2.0)
      multi_json
      rack-protection
      rack-test
      sinatra (~> 1.4.0)
      tilt (~> 1.3)
    tilt (1.4.1)
    tiny_tds (0.6.1-x86-mingw32)
    tzinfo (0.3.41)
    will_paginate (3.0.7)

PLATFORMS
  x86-mingw32

DEPENDENCIES
  activerecord-sqlserver-adapter (= 3.2.12)
  haml
  rack-flash3
  sass
  sinatra (= 1.4.5)
  sinatra-contrib
  tiny_tds (= 0.6.1)
  will_paginate (~> 3.0.5)
